PATH
  remote: .
  specs:
    animals (0.1.0)

GEM
  remote: https://rubygems.org/
  specs:
    coderay (1.1.2)
    method_source (0.9.0)
    mini_portile2 (2.8.1)
    nokogiri (1.14.3)
      mini_portile2 (~> 2.8.0)
      racc (~> 1.4)
    pry (0.11.3)
      coderay (~> 1.1.0)
      method_source (~> 0.9.0)
    racc (1.6.2)
    rake (13.0.1)

PLATFORMS
  ruby

DEPENDENCIES
  animals!
  bundler (~> 1.16)
  nokogiri
  pry
  rake (~> 13.0)

BUNDLED WITH
   1.16.3
